GEM
  remote: http://rubygems.org/
  specs:
    POpen4 (0.1.4)
      Platform (>= 0.4.0)
      open4
    Platform (0.4.0)
    RedCloth (4.3.2)
    addressable (2.3.5)
    coderay (1.0.9)
    curb (0.8.5)
    curb-fu (0.6.2)
      curb (>= 0.5.4.0)
      rack-test (>= 0.2.0)
    faraday (0.9.0.rc5)
      multipart-post (~> 1.1)
    ferret (0.11.8.5)
    ffi (1.13.1)
    haml (5.1.2)
      temple (>= 0.8.0)
      tilt
    haml-contrib (1.0.0.1)
      haml (>= 3.2.0.alpha.13)
    htmlcompressor (0.0.7)
      yui-compressor (~> 0.9.6)
    jwt (0.1.8)
      multi_json (>= 1.5)
    kgio (2.8.0)
    method_source (0.8.1)
    mime-types (1.23)
    multi_json (1.8.2)
    multipart-post (1.2.0)
    mustermann (1.1.1)
      ruby2_keywords (~> 0.0.1)
    nesta (0.12.0)
      RedCloth (~> 4.2)
      haml (>= 3.1)
      haml-contrib (>= 1.0)
      rack (~> 2.0)
      rdiscount (~> 2.1)
      sassc (>= 2.2)
      sinatra (~> 2.0)
      tilt (~> 2.0)
    nesta-plugin-google-ads (0.0.1)
      nesta (>= 0.9.11)
    nesta-plugin-search (0.0.2)
      ferret (= 0.11.8.5)
    nesta-plugin-sharethis (0.0.2)
      nesta (>= 0.9.11)
    nesta-plugin-smartmeta (0.0.1)
      nesta (>= 0.9.11)
    netdnarws (0.2.8)
      addressable
      curb-fu
      signet
    newrelic_rpm (3.6.1.87)
    nokogiri (1.5.9)
    open4 (1.3.0)
    plist (3.1.0)
    pry (0.9.12.1)
      coderay (~> 1.0.5)
      method_source (~> 0.8)
      slop (~> 3.4)
    pry-doc (0.4.5)
      pry (>= 0.9)
      yard (>= 0.8)
    rack (2.2.3)
    rack-codehighlighter (0.5.0)
      nokogiri (>= 1.4.1)
      rack (>= 1.0.0)
    rack-hard-copy (0.0.3)
      mime-types (>= 1.22)
      rack (>= 1.5.2)
    rack-protection (2.0.8.1)
      rack
    rack-test (0.6.2)
      rack (>= 1.0)
    raindrops (0.11.0)
    rake (10.0.4)
    rdiscount (2.2.0.1)
    ruby2_keywords (0.0.2)
    sassc (2.4.0)
      ffi (~> 1.9)
    shotgun (0.9.2)
      rack (>= 1.0)
    signet (0.5.0)
      addressable (>= 2.2.3)
      faraday (>= 0.9.0.rc5)
      jwt (>= 0.1.5)
      multi_json (>= 1.0.0)
    sinatra (2.0.8.1)
      mustermann (~> 1.0)
      rack (~> 2.0)
      rack-protection (= 2.0.8.1)
      tilt (~> 2.0)
    slop (3.4.4)
    temple (0.8.2)
    textpow (1.3.1)
      plist (>= 3.0.1)
    tilt (2.0.10)
    ultraviolet (1.0.0)
      textpow (>= 1.3.0)
    unicorn (4.6.2)
      kgio (~> 2.6)
      rack
      raindrops (~> 0.7)
    yard (0.8.6.1)
    yui-compressor (0.9.6)
      POpen4 (>= 0.1.4)

PLATFORMS
  ruby

DEPENDENCIES
  ferret
  htmlcompressor
  mime-types
  nesta (>= 0.12.0)
  nesta-plugin-google-ads (>= 0.0.1)
  nesta-plugin-search
  nesta-plugin-sharethis (>= 0.0.2)
  nesta-plugin-smartmeta (>= 0.0.1)
  netdnarws
  newrelic_rpm
  pry
  pry-doc
  rack-codehighlighter
  rack-hard-copy
  rack-test
  rake
  shotgun
  ultraviolet
  unicorn

BUNDLED WITH
   1.17.3
