GEM
  remote: http://rubygems.org/
  specs:
    RedCloth (4.2.9)
    coderay (1.0.9)
    diskcached (1.1.0)
    ferret (0.11.8.5)
    haml (3.1.8)
    kgio (2.8.0)
    method_source (0.8.1)
    nesta (0.9.13)
      RedCloth (~> 4.2)
      haml (~> 3.1)
      rack (~> 1.1)
      rdiscount (~> 1.6)
      sass (~> 3.1)
      shotgun (>= 0.8)
      sinatra (~> 1.3)
    nesta-plugin-diskcached (0.0.3)
      diskcached (>= 1.1.0)
      nesta (>= 0.9.11)
    nesta-plugin-google-ads (0.0.1)
      nesta (>= 0.9.11)
    nesta-plugin-sharethis (0.0.2)
      nesta (>= 0.9.11)
    nesta-plugin-smartmeta (0.0.1)
      nesta (>= 0.9.11)
    newrelic_rpm (3.6.0.78)
    nokogiri (1.5.9)
    plist (3.1.0)
    pry (0.9.12)
      coderay (~> 1.0.5)
      method_source (~> 0.8)
      slop (~> 3.4)
    pry-doc (0.4.5)
      pry (>= 0.9)
      yard (>= 0.8)
    rack (1.5.2)
    rack-codehighlighter (0.5.0)
      nokogiri (>= 1.4.1)
      rack (>= 1.0.0)
    rack-protection (1.5.0)
      rack
    rack-test (0.6.2)
      rack (>= 1.0)
    raindrops (0.10.0)
    rake (10.0.3)
    rdiscount (1.6.8)
    sass (3.2.7)
    shotgun (0.9)
      rack (>= 1.0)
    sinatra (1.4.2)
      rack (~> 1.5, >= 1.5.2)
      rack-protection (~> 1.4)
      tilt (~> 1.3, >= 1.3.4)
    slop (3.4.4)
    textpow (1.3.1)
      plist (>= 3.0.1)
    tilt (1.3.6)
    ultraviolet (1.0.0)
      textpow (>= 1.3.0)
    unicorn (4.6.2)
      kgio (~> 2.6)
      rack
      raindrops (~> 0.7)
    yard (0.8.5.2)

PLATFORMS
  ruby

DEPENDENCIES
  ferret
  nesta (~> 0.9.13)
  nesta-plugin-diskcached
  nesta-plugin-google-ads
  nesta-plugin-sharethis
  nesta-plugin-smartmeta
  newrelic_rpm
  pry
  pry-doc
  rack-codehighlighter
  rack-test
  rake
  ultraviolet
  unicorn
