GEM
  remote: http://rubygems.org/
  specs:
    RedCloth (4.2.9)
    diskcached (1.1.0)
    haml (3.1.7)
    kgio (2.7.4)
    nesta (0.9.13)
      RedCloth (~> 4.2)
      haml (~> 3.1)
      rack (~> 1.1)
      rdiscount (~> 1.6)
      sass (~> 3.1)
      shotgun (>= 0.8)
      sinatra (~> 1.3)
    nesta-plugin-diskcached (0.0.3)
      diskcached (>= 1.1.0)
      nesta (>= 0.9.11)
    nesta-plugin-google-ads (0.0.1)
      nesta (>= 0.9.11)
    nesta-plugin-sharethis (0.0.2)
      nesta (>= 0.9.11)
    newrelic_rpm (3.4.2.1)
    open4 (1.3.0)
    rack (1.4.1)
    rack-protection (1.2.0)
      rack
    raindrops (0.10.0)
    rake (0.9.2.2)
    rake-remote_task (2.0.6)
      open4 (~> 1.0)
      rake (~> 0.8)
    rdiscount (1.6.8)
    sass (3.2.1)
    shotgun (0.9)
      rack (>= 1.0)
    sinatra (1.3.3)
      rack (~> 1.3, >= 1.3.6)
      rack-protection (~> 1.2)
      tilt (~> 1.3, >= 1.3.3)
    tilt (1.3.3)
    unicorn (4.3.1)
      kgio (~> 2.6)
      rack
      raindrops (~> 0.7)
    vlad (2.2.5)
      rake (~> 0.8)
      rake-remote_task (~> 2.0)
    vlad-git (2.2.0)
      vlad (>= 2.1.0)
    vlad-nginx (1.0.0)
      vlad (~> 2)
    vlad-unicorn (2.1.1)
      vlad (~> 2.0)

PLATFORMS
  ruby

DEPENDENCIES
  nesta (= 0.9.13)
  nesta-plugin-diskcached
  nesta-plugin-google-ads
  nesta-plugin-sharethis
  newrelic_rpm
  unicorn
  vlad
  vlad-git
  vlad-nginx
  vlad-unicorn
