GEM
  remote: http://rubygems.org/
  specs:
    RedCloth (4.2.9)
    coderay (1.0.8)
    diskcached (1.1.0)
    haml (3.1.7)
    kgio (2.7.4)
    method_source (0.8.1)
    nesta (0.9.13)
      RedCloth (~> 4.2)
      haml (~> 3.1)
      rack (~> 1.1)
      rdiscount (~> 1.6)
      sass (~> 3.1)
      shotgun (>= 0.8)
      sinatra (~> 1.3)
    nesta-plugin-diskcached (0.0.3)
      diskcached (>= 1.1.0)
      nesta (>= 0.9.11)
    nesta-plugin-google-ads (0.0.1)
      nesta (>= 0.9.11)
    nesta-plugin-sharethis (0.0.2)
      nesta (>= 0.9.11)
    nesta-plugin-smartmeta (0.0.1)
      nesta (>= 0.9.11)
    newrelic_rpm (3.4.2.1)
    nokogiri (1.5.5)
    plist (3.1.0)
    pry (0.9.10)
      coderay (~> 1.0.5)
      method_source (~> 0.8)
      slop (~> 3.3.1)
    pry-doc (0.4.4)
      pry (>= 0.9.9.6)
      yard (~> 0.8.1)
    rack (1.4.1)
    rack-codehighlighter (0.5.0)
      nokogiri (>= 1.4.1)
      rack (>= 1.0.0)
    rack-protection (1.2.0)
      rack
    raindrops (0.10.0)
    rake (0.9.2.2)
    rdiscount (1.6.8)
    sass (3.2.1)
    shotgun (0.9)
      rack (>= 1.0)
    sinatra (1.3.3)
      rack (~> 1.3, >= 1.3.6)
      rack-protection (~> 1.2)
      tilt (~> 1.3, >= 1.3.3)
    slop (3.3.3)
    textpow (1.3.0)
      plist (>= 3.0.1)
    tilt (1.3.3)
    ultraviolet (1.0.0)
      textpow (>= 1.3.0)
    unicorn (4.3.1)
      kgio (~> 2.6)
      rack
      raindrops (~> 0.7)
    yard (0.8.3)

PLATFORMS
  ruby

DEPENDENCIES
  nesta (= 0.9.13)
  nesta-plugin-diskcached
  nesta-plugin-google-ads
  nesta-plugin-sharethis
  nesta-plugin-smartmeta
  newrelic_rpm
  pry
  pry-doc
  rack-codehighlighter
  rake
  ultraviolet
  unicorn
