GEM
  remote: http://rubygems.org/
  specs:
    POpen4 (0.1.4)
      Platform (>= 0.4.0)
      open4
    Platform (0.4.0)
    RedCloth (4.3.2)
    addressable (2.5.2)
      public_suffix (>= 2.0.2, < 4.0)
    coderay (1.0.9)
    curb (0.9.6)
    curb-fu (0.6.2)
      curb (>= 0.5.4.0)
      rack-test (>= 0.2.0)
    faraday (0.15.3)
      multipart-post (>= 1.2, < 3)
    ferret (0.11.8.5)
    ffi (1.9.25)
    haml (5.0.4)
      temple (>= 0.8.0)
      tilt
    haml-contrib (1.0.0.1)
      haml (>= 3.2.0.alpha.13)
    htmlcompressor (0.0.7)
      yui-compressor (~> 0.9.6)
    jwt (2.1.0)
    kgio (2.11.2)
    method_source (0.8.1)
    mime-types (3.2.2)
      mime-types-data (~> 3.2015)
    mime-types-data (3.2018.0812)
    mini_portile2 (2.3.0)
    multi_json (1.13.1)
    multipart-post (2.0.0)
    nesta (0.11.1)
      RedCloth (~> 4.2)
      haml (>= 3.1)
      haml-contrib (>= 1.0)
      rack (>= 1.3)
      rdiscount (~> 2.1)
      sass (>= 3.1)
      sinatra (~> 1.4)
      tilt (~> 1.4)
    nesta-plugin-google-ads (0.0.1)
      nesta (>= 0.9.11)
    nesta-plugin-search (0.0.2)
      ferret (= 0.11.8.5)
    nesta-plugin-sharethis (0.0.2)
      nesta (>= 0.9.11)
    nesta-plugin-smartmeta (0.0.1)
      nesta (>= 0.9.11)
    netdnarws (0.3.4)
      curb-fu
      signet
    newrelic_rpm (3.6.1.87)
    nokogiri (1.8.5)
      mini_portile2 (~> 2.3.0)
    open4 (1.3.0)
    plist (3.1.0)
    pry (0.9.12.1)
      coderay (~> 1.0.5)
      method_source (~> 0.8)
      slop (~> 3.4)
    pry-doc (0.4.5)
      pry (>= 0.9)
      yard (>= 0.8)
    public_suffix (3.0.3)
    rack (1.6.11)
    rack-codehighlighter (0.5.1)
      nokogiri (>= 1.4.1)
      rack (>= 1.0.0)
    rack-hard-copy (0.0.3)
      mime-types (>= 1.22)
      rack (>= 1.5.2)
    rack-protection (1.5.5)
      rack
    rack-test (1.1.0)
      rack (>= 1.0, < 3)
    raindrops (0.19.0)
    rake (10.0.4)
    rb-fsevent (0.10.3)
    rb-inotify (0.9.10)
      ffi (>= 0.5.0, < 2)
    rdiscount (2.2.0.1)
    sass (3.7.0)
      sass-listen (~> 4.0.0)
    sass-listen (4.0.0)
      rb-fsevent (~> 0.9, >= 0.9.4)
      rb-inotify (~> 0.9, >= 0.9.7)
    shotgun (0.9.2)
      rack (>= 1.0)
    signet (0.11.0)
      addressable (~> 2.3)
      faraday (~> 0.9)
      jwt (>= 1.5, < 3.0)
      multi_json (~> 1.10)
    sinatra (1.4.8)
      rack (~> 1.5)
      rack-protection (~> 1.4)
      tilt (>= 1.3, < 3)
    slop (3.4.4)
    temple (0.8.0)
    textpow (1.3.1)
      plist (>= 3.0.1)
    tilt (1.4.1)
    ultraviolet (1.0.0)
      textpow (>= 1.3.0)
    unicorn (5.4.1)
      kgio (~> 2.6)
      raindrops (~> 0.7)
    yard (0.8.6.1)
    yui-compressor (0.9.6)
      POpen4 (>= 0.1.4)

PLATFORMS
  ruby

DEPENDENCIES
  ferret
  htmlcompressor
  mime-types
  nesta (>= 0.9.13)
  nesta-plugin-google-ads (>= 0.0.1)
  nesta-plugin-search
  nesta-plugin-sharethis (>= 0.0.2)
  nesta-plugin-smartmeta (>= 0.0.1)
  netdnarws (>= 0.2.8)
  newrelic_rpm
  pry
  pry-doc
  rack-codehighlighter (>= 0.5.0)
  rack-hard-copy (>= 0.0.3)
  rack-test (>= 0.6.2)
  rake
  shotgun (>= 0.9)
  ultraviolet
  unicorn (>= 4.6.2)

BUNDLED WITH
   1.16.6
